PATH
  remote: .
  specs:
    optimizely (1.1.2)

GEM
  remote: http://www.rubygems.org/
  specs:
    json (1.8.1)
    rake (10.3.1)

PLATFORMS
  ruby

DEPENDENCIES
  bundler
  json
  optimizely!
  rake
