PATH
  remote: .
  specs:
    optimizely (1.2.2)
      json (~> 1.8.3)

GEM
  remote: http://www.rubygems.org/
  specs:
    coderay (1.1.0)
    json (1.8.3)
    method_source (0.8.2)
    power_assert (0.2.4)
    pry (0.10.1)
      coderay (~> 1.1.0)
      method_source (~> 0.8.1)
      slop (~> 3.4)
    rake (10.4.2)
    slop (3.6.0)
    test-unit (3.1.2)
      power_assert

PLATFORMS
  ruby

DEPENDENCIES
  bundler (~> 1.13.6)
  optimizely!
  pry (~> 0.10.1)
  rake (~> 10.4.2)
  test-unit (~> 3.1.2)

BUNDLED WITH
   1.13.6
